PATH
  remote: .
  specs:
    lego_k (0.0.1)
      mechanize (~> 2.6.0)
      nokogiri

GEM
  remote: http://rubygems.org/
  specs:
    builder (3.2.0)
    cucumber (1.3.1)
      builder (>= 2.1.2)
      diff-lcs (>= 1.1.3)
      gherkin (~> 2.12.0)
      multi_json (~> 1.3)
    diff-lcs (1.2.4)
    domain_name (0.5.11)
      unf (>= 0.0.5, < 1.0.0)
    fakeweb (1.3.0)
    gherkin (2.12.0)
      multi_json (~> 1.3)
    mechanize (2.6.0)
      domain_name (~> 0.5, >= 0.5.1)
      mime-types (~> 1.17, >= 1.17.2)
      net-http-digest_auth (~> 1.1, >= 1.1.1)
      net-http-persistent (~> 2.5, >= 2.5.2)
      nokogiri (~> 1.4)
      ntlm-http (~> 0.1, >= 0.1.1)
      webrobots (>= 0.0.9, < 0.2)
    mime-types (1.23)
    multi_json (1.7.2)
    net-http-digest_auth (1.3)
    net-http-persistent (2.8)
    nokogiri (1.5.9)
    ntlm-http (0.1.1)
    rake (10.0.4)
    rspec (2.13.0)
      rspec-core (~> 2.13.0)
      rspec-expectations (~> 2.13.0)
      rspec-mocks (~> 2.13.0)
    rspec-core (2.13.1)
    rspec-expectations (2.13.0)
      diff-lcs (>= 1.1.3, < 2.0)
    rspec-mocks (2.13.1)
    unf (0.1.1)
      unf_ext
    unf_ext (0.0.6)
    vcr (2.2.5)
    webrobots (0.1.1)

PLATFORMS
  ruby

DEPENDENCIES
  cucumber
  fakeweb (~> 1.3.0)
  lego_k!
  rake
  rspec
  vcr (~> 2.2.3)
